GEM
  remote: https://rubygems.org/
  specs:
    qif (1.1.1)

PLATFORMS
  ruby

DEPENDENCIES
  qif
